PATH
  remote: ../rulers
  specs:
    rulers (0.0.3)
      erubis
      rack
      webrick

GEM
  remote: https://rubygems.org/
  specs:
    erubis (2.7.0)
    ffi (1.15.5)
    listen (3.7.1)
      rb-fsevent (~> 0.10, >= 0.10.3)
      rb-inotify (~> 0.9, >= 0.9.10)
    rack (2.2.4)
    rb-fsevent (0.11.1)
    rb-inotify (0.10.1)
      ffi (~> 1.0)
    rerun (0.13.1)
      listen (~> 3.0)
    webrick (1.7.0)

PLATFORMS
  ruby
  x86_64-linux

DEPENDENCIES
  listen
  rerun
  rulers!

BUNDLED WITH
   2.2.13
